GEM
  remote: https://rubygems.org/
  specs:
    dotenv (0.9.0)
    ffi (1.9.3)
    ffi-rzmq (1.0.3)
      ffi
    foreman (0.63.0)
      dotenv (>= 0.7)
      thor (>= 0.13.6)
    haml (4.0.4)
      tilt
    msgpack (0.5.5)
    mysql2 (0.3.14)
    rack (1.5.2)
    rack-protection (1.5.1)
      rack
    rake (10.1.0)
    sinatra (1.4.4)
      rack (~> 1.4)
      rack-protection (~> 1.4)
      tilt (~> 1.3, >= 1.3.4)
    thor (0.18.1)
    tilt (1.4.1)

PLATFORMS
  ruby

DEPENDENCIES
  ffi-rzmq
  foreman
  haml
  msgpack
  mysql2
  rake
  sinatra
